PATH
  remote: .
  specs:
    health_cards (0.1.0)

GEM
  remote: https://rubygems.org/
  specs:
    minitest (5.14.2)
    rake (13.0.1)

PLATFORMS
  ruby

DEPENDENCIES
  health_cards!
  minitest (~> 5.14)
  rake (~> 13.0)

BUNDLED WITH
   2.1.4
